GEM
  remote: https://rubygems.org/
  specs:
    base64 (0.2.0)
    logger (1.6.4)
    rexml (3.4.0)
    rubyzip (2.3.2)
    selenium-webdriver (4.27.0)
      base64 (~> 0.2)
      logger (~> 1.4)
      rexml (~> 3.2, >= 3.2.5)
      rubyzip (>= 1.2.2, < 3.0)
      websocket (~> 1.0)
    websocket (1.2.11)

PLATFORMS
  arm64-darwin-22
  ruby

DEPENDENCIES
  selenium-webdriver

BUNDLED WITH
   2.5.23
